GEM
  remote: https://rubygems.org/
  specs:
    activemodel (5.0.0.1)
      activesupport (= 5.0.0.1)
    activerecord (5.0.0.1)
      activemodel (= 5.0.0.1)
      activesupport (= 5.0.0.1)
      arel (~> 7.0)
    activesupport (5.0.0.1)
      concurrent-ruby (~> 1.0, >= 1.0.2)
      i18n (~> 0.7)
      minitest (~> 5.1)
      tzinfo (~> 1.1)
    arel (7.1.2)
    concurrent-ruby (1.0.2)
    dotenv (2.1.1)
    faraday (0.9.2)
      multipart-post (>= 1.2, < 3)
    faraday_middleware (0.10.0)
      faraday (>= 0.7.4, < 0.10)
    gli (2.14.0)
    hashdiff (0.3.0)
    hashie (3.4.6)
    i18n (0.7.0)
    json (2.0.2)
    minitest (5.9.1)
    multipart-post (2.0.0)
    mysql2 (0.4.4)
    slack-ruby-client (0.7.7)
      activesupport
      faraday
      faraday_middleware
      gli
      hashie
      json
      websocket-driver
    thread_safe (0.3.5)
    tzinfo (1.2.2)
      thread_safe (~> 0.1)
    websocket-driver (0.6.4)
      websocket-extensions (>= 0.1.0)
    websocket-extensions (0.1.2)

PLATFORMS
  ruby

DEPENDENCIES
  activerecord
  dotenv
  hashdiff
  mysql2
  slack-ruby-client

BUNDLED WITH
   1.12.5
